NUGET
  remote: https://nuget.org/api/v2
  specs:
    Antlr2.Runtime (2.7.7.02)
    Antlr2.Tools (2.7.6.4)
    DotNetZip.Reduced (1.9.1.8)
    FAKE (4.4.5)
    FSharp.Compiler.Service (0.0.90)
    FSharp.Core (4.0.0.1)
    FSharp.Formatting (2.11.0)
      FSharp.Compiler.Service (>= 0.0.90 <= 1.3)
      FSharpVSPowerTools.Core (1.9.0)
    FSharpVSPowerTools.Core (1.9.0)
      FSharp.Compiler.Service (>= 0.0.90)
    JetBrains.Annotations (9.2.0)
    JetBrains.ExternalAnnotations (9.2.1)
    JetBrains.Platform.Core.Ide (103.0.20150818.200225)
      JetBrains.Annotations (9.2.0)
      JetBrains.Platform.Core.Shell (>= 103.0.20150818.190333 < 103.1)
      JetBrains.Platform.Core.Text (>= 103.0.20150818.200224 < 103.1)
      Newtonsoft35.Json (7.0.1)
      Sprache.JetBrains (2.0.0.44)
      Wave (3.0.0.0)
    JetBrains.Platform.Core.Shell (103.0.20150818.190334)
      JetBrains.Annotations (9.2.0)
      JetBrains.Platform.Lib.System.Windows.Interactivity (2.0.20140318.0)
      JetBrains.Platform.Lib.WpfContrib (2.0.20150225.0)
      JetBrains.Unix.Utils (20150702.4)
      Microsoft.Web.Xdt (2.1.1)
      Newtonsoft35.Json (7.0.1)
      NuGet.Core (2.8.6)
      SharpZipLib.JetBrains.Stripped (0.86.20150204.1)
      Sprache.JetBrains (2.0.0.44)
      Vestris.ResourceLib.JetBrains (1.4.20150303.0)
      Wave (3.0.0.0)
      Windows7APICodePack.JetBrains.Stripped (1.1.20150225.0)
      xmlrpcnet (2.5.0)
    JetBrains.Platform.Core.Text (103.0.20150818.200225)
      JetBrains.Annotations (9.2.0)
      JetBrains.Platform.Core.Shell (>= 103.0.20150818.190333 < 103.1)
      Wave (3.0.0.0)
    JetBrains.Platform.Interop.dotMemoryUnit.Interop (103.0.20150818.200225)
      JetBrains.Annotations (9.2.0)
      JetBrains.Platform.Core.Shell (>= 103.0.20150818.190333 < 103.1)
      Wave (3.0.0.0)
    JetBrains.Platform.Lib.DevExpress (2.0.20150224.0)
    JetBrains.Platform.Lib.Microsoft.Deployment.Compression.Cab (2.0.20140304.0)
    JetBrains.Platform.Lib.System.Windows.Interactivity (2.0.20140318.0)
    JetBrains.Platform.Lib.VisualStudio.AnyVs.ShellInterop.PrivateBuild (2.0.20140304.0)
    JetBrains.Platform.Lib.WpfContrib (2.0.20150225.0)
    JetBrains.Platform.Symbols (103.0.20150818.200225)
      JetBrains.Annotations (9.2.0)
      JetBrains.Platform.Core.Shell (>= 103.0.20150818.190333 < 103.1)
      JetBrains.Platform.Lib.Microsoft.Deployment.Compression.Cab (2.0.20140304.0)
      Wave (3.0.0.0)
    JetBrains.Psi.Features.Core (103.0.20150819.145114)
      JetBrains.Annotations (9.2.0)
      JetBrains.Platform.Core.Ide (>= 103.0.20150818.200224 < 103.1)
      JetBrains.Platform.Interop.dotMemoryUnit.Interop (>= 103.0.20150818.200224 < 103.1)
      JetBrains.Platform.Lib.DevExpress (2.0.20150224.0)
      JetBrains.Platform.Symbols (>= 103.0.20150818.200224 < 103.1)
      JetBrains.Psi.Features.Tasks (>= 103.0.20150819.145113 < 103.1)
      Newtonsoft35.Json (7.0.1)
      Wave (3.0.0.0)
    JetBrains.Psi.Features.src (103.0.20150819.145114)
      DotNetZip.Reduced (1.9.1.8)
      JetBrains.Annotations (9.2.0)
      JetBrains.ExternalAnnotations (9.2.1)
      JetBrains.Platform.Core.Ide (>= 103.0.20150818.200224 < 103.1)
      JetBrains.Platform.Interop.dotMemoryUnit.Interop (>= 103.0.20150818.200224 < 103.1)
      JetBrains.Platform.Lib.DevExpress (2.0.20150224.0)
      JetBrains.Platform.Lib.WpfContrib (2.0.20150225.0)
      JetBrains.Platform.Symbols (>= 103.0.20150818.200224 < 103.1)
      JetBrains.Psi.Features.Core (>= 103.0.20150819.145113 < 103.1)
      JetBrains.Psi.Features.Tasks (>= 103.0.20150819.145113 < 103.1)
      JetBrains.Psi.Features.UnitTesting (>= 103.0.20150819.145113 < 103.1)
      Microsoft.Web.Xdt (2.1.1)
      NuGet.Core (2.8.6)
      Wave (3.0.0.0)
      Windows7APICodePack.JetBrains.Stripped (1.1.20150225.0)
    JetBrains.Psi.Features.Tasks (103.0.20150819.145114)
      Antlr2.Runtime (2.7.7.02)
      Antlr2.Tools (2.7.6.4)
      JetBrains.Annotations (9.2.0)
      JetBrains.Platform.Core.Shell (>= 103.0.20150818.190333 < 103.1)
      Microsoft.Web.Xdt (2.1.1)
      NuGet.Core (2.8.6)
      NUnit (2.6.4)
      NVelocity (1.0.3)
      Wave (3.0.0.0)
    JetBrains.Psi.Features.UnitTesting (103.0.20150819.145114)
      JetBrains.Annotations (9.2.0)
      JetBrains.ExternalAnnotations (9.2.1)
      JetBrains.Platform.Core.Ide (>= 103.0.20150818.200224 < 103.1)
      JetBrains.Platform.Interop.dotMemoryUnit.Interop (>= 103.0.20150818.200224 < 103.1)
      JetBrains.Platform.Lib.VisualStudio.AnyVs.ShellInterop.PrivateBuild (2.0.20140304.0)
      JetBrains.Platform.Lib.WpfContrib (2.0.20150225.0)
      JetBrains.Platform.Symbols (>= 103.0.20150818.200224 < 103.1)
      JetBrains.Psi.Features.Core (>= 103.0.20150819.145113 < 103.1)
      JetBrains.Psi.Features.Tasks (>= 103.0.20150819.145113 < 103.1)
      NUnit.Core (2.6.4)
      Wave (3.0.0.0)
    JetBrains.Unix.Utils (20150702.4)
    Microsoft.Bcl (1.1.10)
      Microsoft.Bcl.Build (>= 1.0.14)
    Microsoft.Bcl.Build (1.0.21) - import_targets: false
    Microsoft.Net.Http (2.2.29)
      Microsoft.Bcl (>= 1.1.10)
      Microsoft.Bcl.Build (>= 1.0.14)
    Microsoft.Web.Xdt (2.1.1)
    Newtonsoft.Json (7.0.1)
    Newtonsoft35.Json (7.0.1)
    NuGet.Core (2.8.6)
      Microsoft.Web.Xdt (>= 2.1.0)
    NUnit (2.6.4)
    NUnit.Core (2.6.4)
    NUnit.Runners (2.6.4)
    NVelocity (1.0.3)
    Octokit (0.16.0)
      Microsoft.Net.Http
    Paket.Core (2.8.2)
      FSharp.Core
      Newtonsoft.Json
    SharpZipLib.JetBrains.Stripped (0.86.20150204.1)
    SourceLink.Fake (1.1.0)
    Sprache.JetBrains (2.0.0.44)
    Vestris.ResourceLib.JetBrains (1.4.20150303.0)
    Wave (3.0.0.0)
    Windows7APICodePack.JetBrains.Stripped (1.1.20150225.0)
    xmlrpcnet (2.5.0)
GITHUB
  remote: fsharp/FAKE
  specs:
    modules/Octokit/Octokit.fsx (ad61c84704ebe419ad64375f32bee0dd0ae9323a)
      Octokit